GEM
  remote: https://rubygems.org/
  specs:
    addressable (2.3.6)
    faraday (0.9.0)
      multipart-post (>= 1.2, < 3)
    git (1.2.8)
    httpclient (2.4.0)
    mini_portile (0.6.0)
    multipart-post (2.0.0)
    nokogiri (1.6.3.1)
      mini_portile (= 0.6.0)
    octokit (3.3.1)
      sawyer (~> 0.5.3)
    parallel (1.2.4)
    sawyer (0.5.5)
      addressable (~> 2.3.5)
      faraday (~> 0.8, < 0.10)

PLATFORMS
  ruby

DEPENDENCIES
  faraday (~> 0.9.0)
  git (~> 1.2.8)
  httpclient (~> 2.4.0)
  nokogiri (~> 1.6.3.1)
  octokit (~> 3.3.1)
  parallel (~> 1.2.4)
